PATH
  remote: .
  specs:
    AwsSecretsManagerConfig (0.0.0)
      aws-sdk-secretsmanager
      multi_json

GEM
  remote: https://rubygems.org/
  specs:
    ast (2.4.1)
    aws-eventstream (1.1.0)
    aws-partitions (1.416.0)
    aws-sdk-core (3.111.1)
      aws-eventstream (~> 1, >= 1.0.2)
      aws-partitions (~> 1, >= 1.239.0)
      aws-sigv4 (~> 1.1)
      jmespath (~> 1.0)
    aws-sdk-secretsmanager (1.43.0)
      aws-sdk-core (~> 3, >= 3.109.0)
      aws-sigv4 (~> 1.1)
    aws-sigv4 (1.2.2)
      aws-eventstream (~> 1, >= 1.0.2)
    diff-lcs (1.4.4)
    jmespath (1.4.0)
    multi_json (1.15.0)
    parallel (1.20.1)
    parser (3.0.0.0)
      ast (~> 2.4.1)
    rainbow (3.0.0)
    rake (13.0.3)
    regexp_parser (2.0.3)
    rexml (3.2.4)
    rspec (3.10.0)
      rspec-core (~> 3.10.0)
      rspec-expectations (~> 3.10.0)
      rspec-mocks (~> 3.10.0)
    rspec-core (3.10.1)
      rspec-support (~> 3.10.0)
    rspec-expectations (3.10.1)
      diff-lcs (>= 1.2.0, < 2.0)
      rspec-support (~> 3.10.0)
    rspec-mocks (3.10.1)
      diff-lcs (>= 1.2.0, < 2.0)
      rspec-support (~> 3.10.0)
    rspec-support (3.10.1)
    rubocop (1.8.1)
      parallel (~> 1.10)
      parser (>= 3.0.0.0)
      rainbow (>= 2.2.2, < 4.0)
      regexp_parser (>= 1.8, < 3.0)
      rexml
      rubocop-ast (>= 1.2.0, < 2.0)
      ruby-progressbar (~> 1.7)
      unicode-display_width (>= 1.4.0, < 3.0)
    rubocop-ast (1.4.0)
      parser (>= 2.7.1.5)
    ruby-progressbar (1.11.0)
    unicode-display_width (2.0.0)
    yard (0.9.26)

PLATFORMS
  ruby

DEPENDENCIES
  AwsSecretsManagerConfig!
  bundler
  rake
  rspec
  rubocop
  yard

BUNDLED WITH
   2.1.4
